GEM
  remote: https://rubygems.org/
  specs:
    bluecloth (2.2.0)
    comp_tree (1.1.3)
    domain_name (0.5.20180417)
      unf (>= 0.0.5, < 1.0.0)
    drake (0.9.2.0.3.1)
      comp_tree (>= 1.1.3)
    highline (1.6.20)
    http-cookie (1.0.3)
      domain_name (~> 0.5)
    json_pure (1.8.1)
    mime-types (3.2.2)
      mime-types-data (~> 3.2015)
    mime-types-data (3.2019.0331)
    mini_portile2 (2.4.0)
    mizuho (0.9.20)
      nokogiri (>= 1.4.0)
      sqlite3
    net-http-persistent (2.9.4)
    netrc (0.11.0)
    nokogiri (1.10.8)
      mini_portile2 (~> 2.4.0)
    package_cloud (0.3.05)
      highline (= 1.6.20)
      json_pure (= 1.8.1)
      rainbow (= 2.2.2)
      rest-client (~> 2.0)
      thor (~> 0.18)
    paint (0.9.0)
    rainbow (2.2.2)
      rake
    rake (10.4.2)
    rest-client (2.0.2)
      http-cookie (>= 1.0.2, < 2.0)
      mime-types (>= 1.16, < 4.0)
      netrc (~> 0.8)
    sqlite3 (1.3.10)
    thor (0.20.3)
    unf (0.1.4)
      unf_ext
    unf_ext (0.0.7.6)

PLATFORMS
  ruby

DEPENDENCIES
  bluecloth
  drake
  mizuho
  net-http-persistent
  package_cloud
  paint
  rake

BUNDLED WITH
   2.0.1
