GEM
  remote: https://rubygems.org/
  specs:
    bluecloth (2.2.0)
    mini_portile2 (2.8.0)
    mizuho (0.9.20)
      nokogiri (>= 1.4.0)
      sqlite3
    net-http-persistent (2.9.4)
    nokogiri (1.13.3)
      mini_portile2 (~> 2.8.0)
      racc (~> 1.4)
    paint (0.9.0)
    racc (1.6.0)
    rake (12.3.3)
    sqlite3 (1.3.10)

PLATFORMS
  ruby

DEPENDENCIES
  bluecloth
  mizuho
  net-http-persistent
  paint
  rake

BUNDLED WITH
   2.0.1
