GEM
  remote: https://rubygems.org/
  specs:
    bluecloth (2.2.0)
    comp_tree (1.1.3)
    drake (0.9.2.0.3.1)
      comp_tree (>= 1.1.3)
    mini_portile2 (2.3.0)
    mizuho (0.9.20)
      nokogiri (>= 1.4.0)
      sqlite3
    net-http-persistent (2.9.4)
    nokogiri (1.8.5)
      mini_portile2 (~> 2.3.0)
    paint (0.9.0)
    rake (12.3.3)
    sqlite3 (1.3.10)

PLATFORMS
  ruby

DEPENDENCIES
  bluecloth
  drake
  mizuho
  net-http-persistent
  paint
  rake

BUNDLED WITH
   2.0.1
